GEM
  specs:
    httparty (0.20.0)
      mime-types (~> 3.0)
      multi_xml (>= 0.5.2)
    mime-types (3.3.1)
      mime-types-data (~> 3.2015)
    mime-types-data (3.2021.1115)
    multi_xml (0.6.0)

PLATFORMS
  x86_64-darwin-21

DEPENDENCIES
  httparty

RUBY VERSION
   ruby 2.7.6p219

BUNDLED WITH
   2.4.1
